Brain Vision Data Exchange Header File Version 1.0
; Data created by the Vision Recorder

[Common Infos]
Codepage=UTF-8
DataFile=mvrhoe.eeg
MarkerFile=mvrhoe.vmrk
DataFormat=BINARY
; Data orientation: MULTIPLEXED=ch1,pt1, ch2,pt1 ...
DataOrientation=MULTIPLEXED
NumberOfChannels=20
; Sampling interval in microseconds
SamplingInterval=1000

[Binary Infos]
BinaryFormat=INT_16

[Channel Infos]
; Each entry: Ch<Channel number>=<Name>,<Reference channel name>,
; <Resolution in "Unit">,<Unit>, Future extensions..
; Fields are delimited by commas, some fields might be omitted (empty).
; Commas in channel names are coded as "\1".
Ch1=Fp1,,0.1,µV
Ch2=Fp2,,0.1,µV
Ch3=F3,,0.1,µV
Ch4=F4,,0.1,µV
Ch5=C3,,0.1,µV
Ch6=C4,,0.1,µV
Ch7=P3,,0.1,µV
Ch8=P4,,0.1,µV
Ch9=O1,,0.1,µV
Ch10=O2,,0.1,µV
Ch11=F7,,0.1,µV
Ch12=F8,,0.1,µV
Ch13=T3,,0.1,µV
Ch14=T4,,0.1,µV
Ch15=T5,,0.1,µV
Ch16=T6,,0.1,µV
Ch17=Fz,,0.1,µV
Ch18=Cz,,0.1,µV
Ch19=Pz,,0.1,µV
Ch20=EOG,,0.1,µV

[Comment]

BrainVision Recorder Professional   -   V. 1.21.0303


A m p l i f i e r  S e t u p
============================
Number of channels: 20
Sampling Rate [Hz]: 1000
Sampling Interval [µS]: 1000

Channels
--------
#     Name      Phys. Chn.    Resolution / Unit   Low Cutoff [s]   High Cutoff [Hz]   Notch [Hz]    Series Res. [kOhm] Gradient         Offset
1     Fp1         1                0.1 µV             10              250              Off                0                 
2     Fp2         2                0.1 µV             10              250              Off                0                 
3     F3          3                0.1 µV             10              250              Off                0                 
4     F4          4                0.1 µV             10              250              Off                0                 
5     C3          5                0.1 µV             10              250              Off                0                 
6     C4          6                0.1 µV             10              250              Off                0                 
7     P3          7                0.1 µV             10              250              Off                0                 
8     P4          8                0.1 µV             10              250              Off                0                 
9     O1          9                0.1 µV             10              250              Off                0                 
10    O2          10               0.1 µV             10              250              Off                0                 
11    F7          11               0.1 µV             10              250              Off                0                 
12    F8          12               0.1 µV             10              250              Off                0                 
13    T3          13               0.1 µV             10              250              Off                0                 
14    T4          14               0.1 µV             10              250              Off                0                 
15    T5          15               0.1 µV             10              250              Off                0                 
16    T6          16               0.1 µV             10              250              Off                0                 
17    Fz          17               0.1 µV             10              250              Off                0                 
18    Cz          18               0.1 µV             10              250              Off                0                 
19    Pz          19               0.1 µV             10              250              Off                0                 
20    EOG         20               0.1 µV             10              250              Off                0                 

S o f t w a r e  F i l t e r s
==============================
Disabled


Data Electrodes Selected Impedance Measurement Range: 0 - 5 kOhm
Ground Electrode Selected Impedance Measurement Range: 0 - 10 kOhm
Reference Electrode Selected Impedance Measurement Range: 0 - 10 kOhm
Impedance [kOhm] at 12:04:45 :
Fp1:          1
Fp2:          2
F3:           1
F4:           2
C3:           1
C4:           2
P3:           2
P4:           1
O1:           2
O2:           1
F7:           1
F8:           2
T3:           0
T4:           2
T5:           1
T6:           2
Fz:           1
Cz:           1
Pz:           1
EOG:          2
Ref:          4
Gnd:          4
